GEM
  remote: http://rubygems.org/
  specs:
    addressable (2.2.5)
    async-rack (0.5.1)
      rack (~> 1.1)
    daemons (1.1.3)
    em-http-request (0.3.0)
      addressable (>= 2.0.0)
      escape_utils
      eventmachine (>= 0.12.9)
    em-resolv-replace (1.1.1)
    em-synchrony (0.2.0)
      eventmachine (>= 0.12.9)
    escape_utils (0.2.3)
    eventmachine (0.12.10)
    rack (1.2.2)
    rack-fiber_pool (0.9.1)
    sinatra (1.2.6)
      rack (~> 1.1)
      tilt (< 2.0, >= 1.2.2)
    sinatra-synchrony (0.0.1)
      async-rack (= 0.5.1)
      em-http-request (= 0.3.0)
      em-resolv-replace (= 1.1.1)
      em-synchrony (= 0.2.0)
      rack-fiber_pool (= 0.9.1)
      sinatra (>= 1.0)
    tilt (1.3)

PLATFORMS
  ruby

DEPENDENCIES
  daemons
  sinatra-synchrony
